PATH
  remote: .
  specs:
    keyboard_lib (0.1.1)
      libusb

GEM
  remote: https://rubygems.org/
  specs:
    ffi (1.9.10)
    libusb (0.5.1)
      ffi (>= 1.0)
    rake (10.3.2)

PLATFORMS
  ruby

DEPENDENCIES
  bundler (~> 1.10)
  keyboard_lib!
  rake (~> 10.0)

BUNDLED WITH
   1.10.6
